GEM
  remote: https://rubygems.org/
  specs:
    addressable (2.7.0)
      public_suffix (>= 2.0.2, < 5.0)
    bcp47 (0.3.3)
      i18n
    builder (3.2.3)
    byebug (9.0.6)
    concurrent-ruby (1.1.5)
    connection_pool (2.2.2)
    diff-lcs (1.3)
    ebnf (1.1.2)
      rdf (>= 2.2, < 4.0)
      sxp (~> 1.0)
    equivalent-xml (0.6.0)
      nokogiri (>= 1.4.3)
    haml (5.1.2)
      temple (>= 0.8.0)
      tilt
    hamster (3.0.0)
      concurrent-ruby (~> 1.0)
    htmlentities (4.3.4)
    i18n (1.7.0)
      concurrent-ruby (~> 1.0)
    json-ld (2.2.1)
      multi_json (~> 1.12)
      rdf (>= 2.2.8, < 4.0)
    json-ld-preloaded (1.0.0)
      json-ld (~> 2.1)
      multi_json (~> 1.11)
      rdf (~> 2.2)
    ld-patch (0.3.3)
      ebnf (~> 1.1)
      rdf (>= 2.2, < 4.0)
      rdf-xsd (>= 2.2, < 4.0)
      sparql (>= 2.2, < 4.0)
      sxp (~> 1.0)
    link_header (0.0.8)
    linkeddata (2.2.4)
      equivalent-xml (~> 0.6)
      json-ld (>= 2.1, < 4.0)
      ld-patch (~> 0.3)
      nokogiri (~> 1.8)
      rdf (>= 2.2, < 4.0)
      rdf-aggregate-repo (>= 2.2, < 4.0)
      rdf-isomorphic (>= 2.0, < 4.0)
      rdf-json (>= 2.0, < 4.0)
      rdf-microdata (>= 2.2, < 4.0)
      rdf-n3 (>= 2.1, < 4.0)
      rdf-normalize (~> 0.3)
      rdf-rdfa (>= 2.2, < 4.0)
      rdf-rdfxml (>= 2.2, < 4.0)
      rdf-reasoner (~> 0.4)
      rdf-tabular (>= 2.2, < 4.0)
      rdf-trig (>= 2.0, < 4.0)
      rdf-trix (>= 2.2, < 4.0)
      rdf-turtle (>= 2.2, < 4.0)
      rdf-vocab (>= 2.2, < 4.0)
      rdf-xsd (>= 2.2, < 4.0)
      shex (~> 0.5)
      sparql (>= 2.2, < 4.0)
      sparql-client (>= 2.1, < 4.0)
    mini_portile2 (2.4.0)
    multi_json (1.14.1)
    net-http-persistent (3.1.0)
      connection_pool (~> 2.2)
    nokogiri (1.10.5)
      mini_portile2 (~> 2.4.0)
    public_suffix (4.0.1)
    rake (12.0.0)
    rdf (2.2.12)
      hamster (~> 3.0)
      link_header (~> 0.0, >= 0.0.8)
    rdf-aggregate-repo (2.2.1)
      rdf (>= 2.2, < 4.0)
    rdf-isomorphic (2.2.0)
      rdf (>= 2.0, < 4.0)
    rdf-json (2.2.0)
      rdf (>= 2.2, < 4.0)
    rdf-microdata (2.2.3)
      htmlentities (~> 4.3)
      nokogiri (~> 1.8)
      rdf (>= 2.2.8, < 4.0)
      rdf-xsd (>= 2.2, < 4.0)
    rdf-n3 (2.2.0)
      rdf (>= 2.2, < 4.0)
    rdf-normalize (0.3.3)
      rdf (>= 2.2, < 4.0)
    rdf-rdfa (2.2.4)
      haml (~> 5.0)
      htmlentities (~> 4.3)
      rdf (>= 2.2, < 4.0)
      rdf-aggregate-repo (>= 2.2, < 4.0)
      rdf-xsd (>= 2.2, < 4.0)
    rdf-rdfxml (2.2.1)
      htmlentities (~> 4.3)
      rdf (>= 2.2, < 4.0)
      rdf-rdfa (>= 2.2, < 4.0)
      rdf-xsd (>= 2.2, < 4.0)
    rdf-reasoner (0.4.4)
      rdf (>= 2.2, < 4.0)
      rdf-vocab (>= 2.2, < 4.0)
      rdf-xsd (>= 2.2, < 4.0)
    rdf-tabular (2.2.1)
      addressable (~> 2.3)
      bcp47 (~> 0.3, >= 0.3.3)
      json-ld (>= 2.1, < 4.0)
      rdf (>= 2.2, < 4.0)
      rdf-vocab (>= 2.2, < 4.0)
      rdf-xsd (>= 2.2, < 4.0)
    rdf-trig (2.2.0)
      ebnf (~> 1.0, >= 1.0.1)
      rdf (>= 2.2, < 4.0)
      rdf-turtle (>= 2.2, < 4.0)
    rdf-trix (2.2.1)
      rdf (>= 2.2, < 4.0)
    rdf-turtle (2.2.2)
      ebnf (~> 1.1)
      rdf (>= 2.2, < 4.0)
    rdf-vocab (2.2.9)
      rdf (>= 2.2, < 4.0)
    rdf-xsd (2.2.1)
      rdf (>= 2.2, < 4.0)
    rspec (3.5.0)
      rspec-core (~> 3.5.0)
      rspec-expectations (~> 3.5.0)
      rspec-mocks (~> 3.5.0)
    rspec-core (3.5.4)
      rspec-support (~> 3.5.0)
    rspec-expectations (3.5.0)
      diff-lcs (>= 1.2.0, < 2.0)
      rspec-support (~> 3.5.0)
    rspec-mocks (3.5.0)
      diff-lcs (>= 1.2.0, < 2.0)
      rspec-support (~> 3.5.0)
    rspec-support (3.5.0)
    shex (0.5.0)
      ebnf (~> 1.1)
      json-ld (~> 2.1)
      json-ld-preloaded (~> 1.0)
      rdf (~> 2.2)
      rdf-xsd (~> 2.0)
      sparql (~> 2.0)
      sxp (~> 1.0)
    sparql (2.2.2)
      builder (~> 3.2)
      ebnf (~> 1.1)
      rdf (>= 2.2, < 4.0)
      rdf-aggregate-repo (>= 2.2, < 4.0)
      rdf-xsd (>= 2.2, < 4.0)
      sparql-client (>= 2.1, < 4.0)
      sxp (~> 1.0)
    sparql-client (2.2.1)
      net-http-persistent (>= 2.9, < 4)
      rdf (>= 2.2, < 4.0)
    sxp (1.0.1)
      rdf (>= 2.2, < 4.0)
    temple (0.8.2)
    tilt (2.0.10)

PLATFORMS
  ruby

DEPENDENCIES
  byebug
  equivalent-xml (>= 0.6.0)
  json-ld-preloaded
  linkeddata (>= 2.2.0)
  nokogiri (>= 1.10.5)
  rake
  rspec

RUBY VERSION
   ruby 2.4.0p0

BUNDLED WITH
   1.17.3
